GEM
  remote: http://rubygems.org/
  specs:
    opentok (0.0.7)

PLATFORMS
  ruby

DEPENDENCIES
  opentok
